GEM
  specs:
    jekyll-theme-prologue (0.3.3)

PLATFORMS
  x86_64-linux

DEPENDENCIES
  jekyll-theme-prologue

BUNDLED WITH
   2.3.5
